GEM
  remote: https://rubygems.org/
  specs:
    autoprefixer-rails (6.0.3)
      execjs
      json
    execjs (2.6.0)
    json (1.8.3)
    rack (1.6.4)
    rack-protection (1.5.3)
      rack
    sass (3.4.19)
    sinatra (1.4.6)
      rack (~> 1.4)
      rack-protection (~> 1.4)
      tilt (>= 1.3, < 3)
    tilt (2.0.1)

PLATFORMS
  ruby

DEPENDENCIES
  autoprefixer-rails
  sass
  sinatra (~> 1.4.6)
